PATH
  remote: .
  specs:
    voxable-style-guide (0.0.1)

GEM
  remote: https://rubygems.org/
  specs:
    rake (13.0.1)

PLATFORMS
  ruby

DEPENDENCIES
  bundler (~> 2.1.4)
  rake (~> 13.0.1)
  voxable-style-guide!

BUNDLED WITH
   2.1.4
