PATH
  remote: .
  specs:
    voxable-style-guide (0.0.1)

GEM
  remote: https://rubygems.org/
  specs:
    rake (10.5.0)

PLATFORMS
  ruby

DEPENDENCIES
  bundler (~> 1.15)
  rake (~> 10.0)
  voxable-style-guide!

BUNDLED WITH
   1.15.1
